GIT
  remote: git://github.com/hersha/lita-pokemon.git
  revision: a484d930207bedc2613bcd4a473c98a1e1d853cb
  specs:
    lita-pokemon (0.1.1)
      lita (>= 4.3)

GIT
  remote: git://github.com/manicholls/lita-ai.git
  revision: 36cb161c3efa682811708591988a924360d02544
  specs:
    lita-ai (0.1.3)
      cleverbot_io (~> 1.2.2)
      htmlentities (~> 4.3)
      lita (>= 4.6)

GEM
  remote: https://rubygems.org/
  specs:
    cleverbot_io (1.2.2)
      httpclient (~> 2.8)
      oj (~> 2.15)
    destiny_rb (0.1.5)
      httparty (~> 0.13, >= 0.13.5)
      rake (~> 10.4, >= 10.4.2)
    dotenv (2.1.0)
    eventmachine (1.0.9.1)
    faraday (0.9.2)
      multipart-post (>= 1.2, < 3)
    faye-websocket (0.10.3)
      eventmachine (>= 0.12.0)
      websocket-driver (>= 0.5.1)
    htmlentities (4.3.4)
    http_router (0.11.2)
      rack (>= 1.0.0)
      url_mount (~> 0.2.1)
    httparty (0.13.7)
      json (~> 1.8)
      multi_xml (>= 0.5.2)
    httpclient (2.8.0)
    i18n (0.7.0)
    ice_nine (0.11.2)
    json (1.8.3)
    lita (4.7.0)
      bundler (>= 1.3)
      faraday (>= 0.8.7)
      http_router (>= 0.11.2)
      i18n (>= 0.6.9)
      ice_nine (>= 0.11.0)
      multi_json (>= 1.7.7)
      puma (>= 2.7.1)
      rack (>= 1.5.2)
      rb-readline (>= 0.5.1)
      redis-namespace (>= 1.3.0)
      thor (>= 0.18.1)
    lita-destiny (0.2.9)
      destiny_rb (~> 0.1, >= 0.1.5)
      lita (~> 4.3)
    lita-dotenv (0.9.0)
      dotenv (~> 2.0)
      lita (>= 4.4)
    lita-slack (1.7.2)
      eventmachine
      faraday
      faye-websocket (>= 0.8.0)
      lita (>= 4.6.0)
      multi_json
    multi_json (1.11.2)
    multi_xml (0.5.5)
    multipart-post (2.0.0)
    oj (2.15.0)
    puma (3.1.0)
    rack (1.6.4)
    rake (10.5.0)
    rb-readline (0.5.3)
    redis (3.2.2)
    redis-namespace (1.5.2)
      redis (~> 3.0, >= 3.0.4)
    thor (0.19.1)
    url_mount (0.2.1)
      rack
    websocket-driver (0.6.3)
      websocket-extensions (>= 0.1.0)
    websocket-extensions (0.1.2)

PLATFORMS
  ruby

DEPENDENCIES
  lita
  lita-ai!
  lita-destiny
  lita-dotenv
  lita-pokemon!
  lita-slack

BUNDLED WITH
   1.11.2
